GIT
  remote: git@github.com:lukeredpath/mimic.git
  revision: bf8d0cb191f9005db32139aa3729dd0a67b1a58d
  branch: develop
  specs:
    mimic (0.4.1)
      json
      plist
      rack
      sinatra

GEM
  remote: http://rubygems.org/
  specs:
    daemons (1.1.0)
    eventmachine (0.12.10)
    json (1.4.6)
    plist (3.1.0)
    rack (1.2.1)
    sinatra (1.1.2)
      rack (~> 1.1)
      tilt (~> 1.2)
    thin (1.2.7)
      daemons (>= 1.0.9)
      eventmachine (>= 0.12.6)
      rack (>= 1.0.0)
    tilt (1.2.2)

PLATFORMS
  ruby

DEPENDENCIES
  mimic!
  thin
