GIT
  remote: git@github.com:lukeredpath/github-downloads.git
  revision: 2604f84bf1bebd2f6888787bbb2adb8c2b71dab2
  specs:
    github-downloads (0.1.1)
      highline
      hirb
      json
      mime-types
      rest-client
      simpleconsole

GIT
  remote: git@github.com:lukeredpath/mimic.git
  revision: acf7b743378bfd71c88c2d613f432fa60443d5b8
  branch: develop
  specs:
    mimic (0.4.2)
      json
      plist
      rack
      sinatra

GEM
  remote: http://rubygems.org/
  specs:
    RubyInline (3.9.0)
      ZenTest (~> 4.3)
    ZenTest (4.5.0)
    classifier (1.3.3)
      fast-stemmer (>= 1.0.0)
    daemons (1.1.4)
    directory_watcher (1.3.2)
    eventmachine (0.12.10)
    fast-stemmer (1.0.0)
    highline (1.6.2)
    hirb (0.4.5)
    jekyll (0.10.0)
      classifier (>= 1.3.1)
      directory_watcher (>= 1.1.1)
      liquid (>= 1.9.0)
      maruku (>= 0.5.9)
    json (1.5.3)
    liquid (2.2.2)
    maruku (0.6.0)
      syntax (>= 1.0.0)
    mime-types (1.16)
    osx_keychain (1.0.0)
      RubyInline (~> 3)
    plist (3.1.0)
    rack (1.3.0)
    rdiscount (1.6.8)
    rest-client (1.6.3)
      mime-types (>= 1.16)
    simpleconsole (0.1.1)
    sinatra (1.2.6)
      rack (~> 1.1)
      tilt (< 2.0, >= 1.2.2)
    syntax (1.0.0)
    thin (1.2.11)
      daemons (>= 1.0.9)
      eventmachine (>= 0.12.6)
      rack (>= 1.0.0)
    tilt (1.3.2)

PLATFORMS
  ruby

DEPENDENCIES
  github-downloads!
  highline
  jekyll
  mimic!
  osx_keychain
  plist
  rdiscount
  thin
